GEM
  remote: http://rubygems.org/
  specs:
    addressable (2.2.7)
    cocaine (0.2.1)
    crack (0.3.1)
    diff-lcs (1.1.3)
    json (1.6.5)
    mime-types (1.17.2)
    rake (0.9.2.2)
    rest-client (1.6.7)
      mime-types (>= 1.16)
    rspec (2.9.0)
      rspec-core (~> 2.9.0)
      rspec-expectations (~> 2.9.0)
      rspec-mocks (~> 2.9.0)
    rspec-core (2.9.0)
    rspec-expectations (2.9.0)
      diff-lcs (~> 1.1.3)
    rspec-mocks (2.9.0)
    webmock (1.8.3)
      addressable (>= 2.2.7)
      crack (>= 0.1.7)

PLATFORMS
  ruby

DEPENDENCIES
  cocaine
  json
  rake
  rest-client
  rspec
  webmock
